GEM
  remote: https://rubygems.org/
  specs:
    colorize (0.7.7)

PLATFORMS
  ruby
  x86-mingw32

DEPENDENCIES
  colorize

BUNDLED WITH
   1.16.1
